NUGET
  remote: ../package_A/bin
    package_A (3.0.0)
